GIT
  remote: https://github.com/ruby-in-ruby/crystal-reader.git
  revision: 040b8423333a16d7d45e30cfd8f4987745e6cf55
  specs:
    crystal-reader (0.1.0)

GIT
  remote: https://github.com/ruby-in-ruby/crystal.git
  revision: 2044a3e994829cd7a8b8aea49734d23152ea221b
  specs:
    crystal (0.0.1)
      parslet (~> 1.6.1)

GEM
  remote: http://rubygems.org/
  specs:
    addressable (2.3.6)
    blankslate (2.1.2.4)
    builder (3.2.2)
    coderay (1.1.0)
    descendants_tracker (0.0.4)
      thread_safe (~> 0.3, >= 0.3.1)
    docile (1.1.5)
    faraday (0.9.0)
      multipart-post (>= 1.2, < 3)
    git (1.2.7)
    github_api (0.11.3)
      addressable (~> 2.3)
      descendants_tracker (~> 0.0.1)
      faraday (~> 0.8, < 0.10)
      hashie (>= 1.2)
      multi_json (>= 1.7.5, < 2.0)
      nokogiri (~> 1.6.0)
      oauth2
    hashie (3.1.0)
    highline (1.6.21)
    jeweler (2.0.1)
      builder
      bundler (>= 1.0)
      git (>= 1.2.5)
      github_api
      highline (>= 1.6.15)
      nokogiri (>= 1.5.10)
      rake
      rdoc
    json (1.8.1)
    jwt (1.0.0)
    method_source (0.8.2)
    mini_portile (0.6.0)
    minitest (5.3.5)
    multi_json (1.10.1)
    multi_xml (0.5.5)
    multipart-post (2.0.0)
    nokogiri (1.6.2.1)
      mini_portile (= 0.6.0)
    oauth2 (0.9.4)
      faraday (>= 0.8, < 0.10)
      jwt (~> 1.0)
      multi_json (~> 1.3)
      multi_xml (~> 0.5)
      rack (~> 1.2)
    parslet (1.6.1)
      blankslate (~> 2.0)
    pry (0.10.0)
      coderay (~> 1.1.0)
      method_source (~> 0.8.1)
      slop (~> 3.4)
    rack (1.5.2)
    rake (10.3.2)
    rdoc (4.1.1)
      json (~> 1.4)
    roodi (4.0.0)
      ruby_parser (~> 3.2, >= 3.2.2)
    ruby_parser (3.6.1)
      sexp_processor (~> 4.1)
    sexp_processor (4.4.3)
    simplecov (0.8.2)
      docile (~> 1.1.0)
      multi_json
      simplecov-html (~> 0.8.0)
    simplecov-html (0.8.0)
    slop (3.5.0)
    thread_safe (0.3.4)

PLATFORMS
  ruby

DEPENDENCIES
  crystal (= 0.0.1)!
  crystal-reader (= 0.1.0)!
  jeweler
  minitest
  pry
  roodi
  simplecov
